GEM
  remote: https://rubygems.org/
  specs:
    curb (0.8.5)
    heredoc_unindent (1.1.2)
    mini_portile (0.5.2)
    nokogiri (1.6.1)
      mini_portile (~> 0.5.0)

PLATFORMS
  ruby

DEPENDENCIES
  curb
  heredoc_unindent
  nokogiri
